PATH
  remote: .
  specs:
    parallel-sauce (0.1.0)
      parallel (~> 1.17)

GEM
  remote: https://rubygems.org/
  specs:
    diff-lcs (1.3)
    parallel (1.17.0)
    rake (10.5.0)
    rspec (3.8.0)
      rspec-core (~> 3.8.0)
      rspec-expectations (~> 3.8.0)
      rspec-mocks (~> 3.8.0)
    rspec-core (3.8.0)
      rspec-support (~> 3.8.0)
    rspec-expectations (3.8.2)
      diff-lcs (>= 1.2.0, < 2.0)
      rspec-support (~> 3.8.0)
    rspec-mocks (3.8.0)
      diff-lcs (>= 1.2.0, < 2.0)
      rspec-support (~> 3.8.0)
    rspec-support (3.8.0)

PLATFORMS
  ruby

DEPENDENCIES
  bundler (~> 2.0)
  parallel-sauce!
  rake (~> 10.0)
  rspec (~> 3.0)

BUNDLED WITH
   2.0.1
